GEM
  remote: http://rubygems.org/
  specs:
    albacore (1.0.0.rc.2)
      nokogiri (~> 1.5)
      rake
      rubyzip (~> 1.0)
    configatron (2.13.0)
      yamler (>= 0.1.0)
    gitflowversion (0.14.0)
    mini_portile (0.5.2)
    nokogiri (1.6.1-x86-mingw32)
      mini_portile (~> 0.5.0)
    nuget (2.8.50126.400)
    rake (10.1.1)
    rubyzip (1.1.0)
    yamler (0.1.0)

PLATFORMS
  x86-mingw32

DEPENDENCIES
  albacore (= 1.0.0.rc.2)
  configatron (= 2.13.0)
  gitflowversion
  nuget
  rake
